GEM
  remote: https://rubygems.org/
  specs:
    addressable (2.4.0)
    daemons (1.2.3)
    dalli (2.7.6)
    eventmachine (1.2.0.1)
    faraday (0.9.2)
      multipart-post (>= 1.2, < 3)
    httparty (0.13.7)
      json (~> 1.8)
      multi_xml (>= 0.5.2)
    json (1.8.3)
    kgio (2.10.0)
    koala (2.2.0)
      addressable
      faraday
      multi_json
    memcachier (0.0.2)
    multi_json (1.11.2)
    multi_xml (0.5.5)
    multipart-post (2.0.0)
    rack (1.6.4)
    rack-protection (1.5.3)
      rack
    sinatra (1.4.7)
      rack (~> 1.5)
      rack-protection (~> 1.4)
      tilt (>= 1.3, < 3)
    thin (1.6.4)
      daemons (~> 1.0, >= 1.0.9)
      eventmachine (~> 1.0, >= 1.0.4)
      rack (~> 1.0)
    tilt (2.0.2)

PLATFORMS
  ruby

DEPENDENCIES
  dalli
  httparty
  json
  kgio
  koala
  memcachier
  rack
  sinatra
  thin

BUNDLED WITH
   1.11.2
